PATH
  remote: .
  specs:
    fluq (0.8.1)
      celluloid-io (~> 0.15.0)
      multi_json
      timed_lru

GEM
  remote: https://rubygems.org/
  specs:
    celluloid (0.15.2)
      timers (~> 1.1.0)
    celluloid-io (0.15.0)
      celluloid (>= 0.15.0)
      nio4r (>= 0.5.0)
    coveralls (0.7.0)
      multi_json (~> 1.3)
      rest-client
      simplecov (>= 0.7)
      term-ansicolor
      thor
    diff-lcs (1.2.5)
    docile (1.1.3)
    jrjackson (0.2.6)
    mime-types (2.1)
    msgpack (0.5.8)
    msgpack-jruby (1.4.0-java)
    multi_json (1.9.0)
    nio4r (1.0.0)
    nio4r (1.0.0-java)
    oj (2.5.5)
    rake (10.1.1)
    rest-client (1.6.7)
      mime-types (>= 1.16)
    rspec (2.14.1)
      rspec-core (~> 2.14.0)
      rspec-expectations (~> 2.14.0)
      rspec-mocks (~> 2.14.0)
    rspec-core (2.14.8)
    rspec-expectations (2.14.5)
      diff-lcs (>= 1.1.3, < 2.0)
    rspec-mocks (2.14.6)
    rubysl-logger (2.0.0)
    rubysl-singleton (2.0.0)
    simplecov (0.8.2)
      docile (~> 1.1.0)
      multi_json
      simplecov-html (~> 0.8.0)
    simplecov-html (0.8.0)
    term-ansicolor (1.3.0)
      tins (~> 1.0)
    thor (0.18.1)
    timed_lru (0.3.1)
    timers (1.1.0)
    tins (1.0.0)
    yard (0.8.7.3)

PLATFORMS
  java
  ruby

DEPENDENCIES
  bundler
  coveralls
  fluq!
  jrjackson
  msgpack
  msgpack-jruby
  oj
  rake
  rspec
  rubysl-logger
  rubysl-singleton
  yard
