PATH
  remote: .
  specs:
    fluq (0.7.1)
      eventmachine-le
      msgpack (~> 0.5.0)
      oj (>= 2.0.10)
      timed_lru

GEM
  remote: https://rubygems.org/
  specs:
    diff-lcs (1.2.4)
    eventmachine-le (1.1.6)
    msgpack (0.5.6)
    oj (2.1.7)
    rake (10.1.0)
    rspec (2.14.1)
      rspec-core (~> 2.14.0)
      rspec-expectations (~> 2.14.0)
      rspec-mocks (~> 2.14.0)
    rspec-core (2.14.6)
    rspec-expectations (2.14.3)
      diff-lcs (>= 1.1.3, < 2.0)
    rspec-mocks (2.14.4)
    timed_lru (0.3.1)
    yard (0.8.7.2)

PLATFORMS
  java
  ruby

DEPENDENCIES
  bundler
  fluq!
  oj
  rake
  rspec
  yard
