PATH
  remote: .
  specs:
    fluq (0.6.3)
      atomic
      eventmachine-le
      msgpack (~> 0.5.0)
      multi_json
      timers (>= 1.0.2)

GEM
  remote: http://rubygems.org/
  specs:
    atomic (1.0.1)
    atomic (1.0.1-java)
    diff-lcs (1.2.1)
    eventmachine-le (1.1.4)
    msgpack (0.5.3)
    msgpack-jruby (1.3.2-java)
    multi_json (1.6.1)
    rake (10.0.3)
    rspec (2.13.0)
      rspec-core (~> 2.13.0)
      rspec-expectations (~> 2.13.0)
      rspec-mocks (~> 2.13.0)
    rspec-core (2.13.0)
    rspec-expectations (2.13.0)
      diff-lcs (>= 1.1.3, < 2.0)
    rspec-mocks (2.13.0)
    timers (1.1.0)
    yard (0.8.5)

PLATFORMS
  java
  ruby

DEPENDENCIES
  bundler
  fluq!
  msgpack
  msgpack-jruby
  rake
  rspec
  yard
