PATH
  remote: .
  specs:
    fluq (0.7.0.pre)
      eventmachine-le
      msgpack (~> 0.5.0)
      oj (>= 2.0.10)
      timed_lru

GEM
  remote: https://rubygems.org/
  specs:
    diff-lcs (1.2.4)
    eventmachine-le (1.1.5)
    msgpack (0.5.5)
    oj (2.0.13)
    rake (10.0.4)
    rspec (2.13.0)
      rspec-core (~> 2.13.0)
      rspec-expectations (~> 2.13.0)
      rspec-mocks (~> 2.13.0)
    rspec-core (2.13.1)
    rspec-expectations (2.13.0)
      diff-lcs (>= 1.1.3, < 2.0)
    rspec-mocks (2.13.1)
    timed_lru (0.3.1)
    yard (0.8.6.1)

PLATFORMS
  java
  ruby

DEPENDENCIES
  bundler
  fluq!
  oj
  rake
  rspec
  yard
