PATH
  remote: .
  specs:
    fluq (0.7.0.pre)
      atomic
      eventmachine-le
      msgpack (~> 0.5.0)
      multi_json
      rufus-lru

GEM
  remote: http://rubygems.org/
  specs:
    atomic (1.0.1)
    atomic (1.0.1-java)
    diff-lcs (1.2.1)
    eventmachine-le (1.1.4)
    json (1.7.7)
    json (1.7.7-java)
    msgpack (0.5.3)
    multi_json (1.6.1)
    rake (10.0.3)
    rspec (2.13.0)
      rspec-core (~> 2.13.0)
      rspec-expectations (~> 2.13.0)
      rspec-mocks (~> 2.13.0)
    rspec-core (2.13.0)
    rspec-expectations (2.13.0)
      diff-lcs (>= 1.1.3, < 2.0)
    rspec-mocks (2.13.0)
    rufus-lru (1.0.5)
    yard (0.8.5.2)

PLATFORMS
  java
  ruby

DEPENDENCIES
  bundler
  fluq!
  json
  rake
  rspec
  yard
