PATH
  remote: .
  specs:
    fluq (0.7.0.pre)
      eventmachine-le
      msgpack (~> 0.5.0)
      multi_json
      timed_lru

GEM
  remote: http://rubygems.org/
  specs:
    diff-lcs (1.2.1)
    eventmachine-le (1.1.4)
    msgpack (0.5.3)
    multi_json (1.6.1)
    rake (10.0.3)
    rspec (2.13.0)
      rspec-core (~> 2.13.0)
      rspec-expectations (~> 2.13.0)
      rspec-mocks (~> 2.13.0)
    rspec-core (2.13.0)
    rspec-expectations (2.13.0)
      diff-lcs (>= 1.1.3, < 2.0)
    rspec-mocks (2.13.0)
    timed_lru (0.3.1)
    yajl-ruby (1.1.0)
    yard (0.8.5.2)

PLATFORMS
  java
  ruby

DEPENDENCIES
  bundler
  fluq!
  rake
  rspec
  yajl-ruby
  yard
