PATH
  remote: .
  specs:
    fluq (0.6.3)
      atomic
      eventmachine
      msgpack (~> 0.5.0)
      multi_json
      timers (>= 1.0.2)

GEM
  remote: http://rubygems.org/
  specs:
    atomic (1.0.1)
    diff-lcs (1.1.3)
    eventmachine (1.0.0)
    msgpack (0.5.2)
    msgpack-jruby (1.3.0-java)
    multi_json (1.6.0)
    rake (10.0.3)
    rspec (2.12.0)
      rspec-core (~> 2.12.0)
      rspec-expectations (~> 2.12.0)
      rspec-mocks (~> 2.12.0)
    rspec-core (2.12.2)
    rspec-expectations (2.12.1)
      diff-lcs (~> 1.1.3)
    rspec-mocks (2.12.2)
    timers (1.1.0)
    yard (0.8.4.1)

PLATFORMS
  java
  ruby

DEPENDENCIES
  bundler
  fluq!
  msgpack
  msgpack-jruby
  rake
  rspec
  yard
