PATH
  remote: .
  specs:
    fluq (0.8.0)
      celluloid-io (~> 0.15.0)
      msgpack (~> 0.5.0)
      oj (>= 2.0.10)
      timed_lru

GEM
  remote: https://rubygems.org/
  specs:
    celluloid (0.15.2)
      timers (~> 1.1.0)
    celluloid-io (0.15.0)
      celluloid (>= 0.15.0)
      nio4r (>= 0.5.0)
    diff-lcs (1.2.5)
    msgpack (0.5.8)
    nio4r (1.0.0)
    oj (2.5.4)
    rake (10.1.1)
    rspec (2.14.1)
      rspec-core (~> 2.14.0)
      rspec-expectations (~> 2.14.0)
      rspec-mocks (~> 2.14.0)
    rspec-core (2.14.7)
    rspec-expectations (2.14.4)
      diff-lcs (>= 1.1.3, < 2.0)
    rspec-mocks (2.14.4)
    timed_lru (0.3.1)
    timers (1.1.0)
    yard (0.8.7.3)

PLATFORMS
  java
  ruby

DEPENDENCIES
  bundler
  fluq!
  rake
  rspec
  yard
