PATH
  remote: .
  specs:
    fluq (0.6.3)
      atomic
      celluloid-io (~> 0.12.1)
      msgpack
      multi_json
      timers (>= 1.0.2)

GEM
  remote: http://rubygems.org/
  specs:
    atomic (1.0.1)
    atomic (1.0.1-java)
    celluloid (0.12.4)
      facter (>= 1.6.12)
      timers (>= 1.0.0)
    celluloid-io (0.12.1)
      celluloid (~> 0.12.0)
      nio4r (>= 0.4.0)
    diff-lcs (1.1.3)
    facter (1.6.16)
    msgpack (0.4.7)
    msgpack-jruby (1.3.0-java)
    multi_json (1.5.0)
    nio4r (0.4.3)
    nio4r (0.4.3-java)
    rake (10.0.3)
    rspec (2.12.0)
      rspec-core (~> 2.12.0)
      rspec-expectations (~> 2.12.0)
      rspec-mocks (~> 2.12.0)
    rspec-core (2.12.1)
    rspec-expectations (2.12.0)
      diff-lcs (~> 1.1.3)
    rspec-mocks (2.12.0)
    timers (1.0.2)
    yard (0.8.3)

PLATFORMS
  java
  ruby

DEPENDENCIES
  bundler
  fluq!
  msgpack
  msgpack-jruby
  rake
  rspec
  yard
